NUGET
  remote: https://www.nuget.org/api/v2
    EntityFramework (6.1.3)
